PATH
  remote: .
  specs:
    calculated (1.0)
      core
      datacache
      duration
      http
      rlranks

GEM
  remote: https://rubygems.org/
  specs:
    addressable (2.7.0)
      public_suffix (>= 2.0.2, < 5.0)
    concurrent-ruby (1.1.7)
    core (1.0)
    datacache (1.0)
      concurrent-ruby
      core
      duration
    domain_name (0.5.20190701)
      unf (>= 0.0.5, < 1.0.0)
    duration (1.0)
      core
    ffi (1.13.1)
    ffi-compiler (1.0.1)
      ffi (>= 1.0.0)
      rake
    http (4.4.1)
      addressable (~> 2.3)
      http-cookie (~> 1.0)
      http-form_data (~> 2.2)
      http-parser (~> 1.2.0)
    http-cookie (1.0.3)
      domain_name (~> 0.5)
    http-form_data (2.3.0)
    http-parser (1.2.1)
      ffi-compiler (>= 1.0, < 2.0)
    public_suffix (4.0.6)
    rake (13.0.1)
    rlranks (1.0)
      rstruct
    rstruct (1.0)
      core
    unf (0.1.4)
      unf_ext
    unf_ext (0.0.7.7)

PLATFORMS
  ruby

DEPENDENCIES
  calculated!

BUNDLED WITH
   2.1.4
